GIT
  remote: https://github.com/anandbagmar/taas.git
  revision: 526706ff0dd9f55499eefcddc4aa19c7b3c8c128
  branch: refactor
  specs:
    taas (0.0.1)
      json
      rake
      sinatra

GEM
  remote: http://rubygems.org/
  specs:
    json (1.7.6)
    rack (1.4.3)
    rack-protection (1.3.2)
      rack
    rake (10.0.3)
    sinatra (1.3.3)
      rack (~> 1.3, >= 1.3.6)
      rack-protection (~> 1.2)
      tilt (~> 1.3, >= 1.3.3)
    tilt (1.3.3)

PLATFORMS
  ruby

DEPENDENCIES
  rake
  taas!
